GEM
  remote: http://rubygems.org/
  specs:
    activesupport (3.2.11)
      i18n (~> 0.6)
      multi_json (~> 1.0)
    i18n (0.6.1)
    memoist (0.2.0)
    multi_json (1.5.0)
    ruby-geometry (0.0.4)
      activesupport
      memoist

PLATFORMS
  x86-mingw32

DEPENDENCIES
  ruby-geometry
